ObjectType = Image
NDims = 3
BinaryData = True
BinaryDataByteOrderMSB = False
CompressedData = False
TransformMatrix = -1 0 0 0 -1 0 0 0 1
Offset = 448.438 355.469 -217.56
CenterOfRotation = 0 0 0
AnatomicalOrientation = RPI
ElementSpacing = 0.78125 0.78125 1.25
DimSize = 66 60 7
ElementType = MET_SHORT
ElementDataFile = CroppedWholeLungCTScan.raw
